GEM
  remote: http://rubygems.org/
  specs:
    builder (3.0.0)
    git (1.2.5)
    jeweler (1.8.4)
      bundler (~> 1.0)
      git (>= 1.2.5)
      rake
      rdoc
    json (1.7.3)
    metaclass (0.0.1)
    mocha (0.12.1)
      metaclass (~> 0.0.1)
    rake (13.0.1)
    rdoc (3.12)
      json (~> 1.4)
    thor (0.16.0)
    uuidtools (2.1.2)

PLATFORMS
  ruby

DEPENDENCIES
  builder (~> 3.0.0)
  bundler (~> 1.1.4)
  jeweler (~> 1.8.3)
  mocha (~> 0.12.1)
  rdoc (~> 3.12)
  thor (~> 0.14)
  uuidtools (~> 2.1.2)
